PATH
  remote: .
  specs:
    ruby_memprofiler_pprof (0.0.1)
      debase-ruby_core_source (>= 0.10.14)

GEM
  remote: https://rubygems.org/
  specs:
    bump (0.10.0)
    coderay (1.1.3)
    debase-ruby_core_source (0.10.15)
    google-protobuf (3.20.1)
    google-protobuf (3.20.1-x86_64-darwin)
    google-protobuf (3.20.1-x86_64-linux)
    method_source (1.0.0)
    minitest (5.15.0)
    private_gem (1.2.1)
      bundler (> 2.2, < 3.0)
      thor
    pry (0.14.1)
      coderay (~> 1.1)
      method_source (~> 1.0)
    rake (13.0.6)
    rake-compiler (1.2.0)
      rake
    thor (1.2.1)
    timecop (0.9.5)

PLATFORMS
  ruby
  x86_64-darwin-19
  x86_64-linux

DEPENDENCIES
  bump (~> 0.10)
  google-protobuf (~> 3)
  minitest (~> 5)
  private_gem (~> 1)
  pry (~> 0.14)
  rake (~> 13)
  rake-compiler (~> 1)
  ruby_memprofiler_pprof!
  timecop (~> 0.9)

BUNDLED WITH
   2.3.3
