PATH
  remote: .
  specs:
    ruby_memprofiler_pprof (0.0.1)
      concurrent-ruby (~> 1)
      debase-ruby_core_source (>= 0.10.14)
      google-protobuf (~> 3)

GEM
  remote: https://rubygems.org/
  specs:
    bump (0.10.0)
    concurrent-ruby (1.1.9)
    debase-ruby_core_source (0.10.14)
    google-protobuf (3.19.1)
    google-protobuf (3.19.1-x86_64-darwin)
    google-protobuf (3.19.1-x86_64-linux)
    minitest (5.14.4)
    private_gem (1.1.4)
      bundler (> 1.7, < 3.0)
      thor
    rake (13.0.6)
    rake-compiler (1.1.1)
      rake
    thor (1.1.0)

PLATFORMS
  ruby
  x86_64-darwin-19
  x86_64-linux

DEPENDENCIES
  bump (~> 0.10)
  minitest (~> 5)
  private_gem (~> 1)
  rake (~> 13)
  rake-compiler (~> 1)
  ruby_memprofiler_pprof!

BUNDLED WITH
   2.3.1
